GEM
  remote: https://rubygems.org/
  specs:
    httpclient (2.3.3)

PLATFORMS
  ruby

DEPENDENCIES
  httpclient
